PATH
  remote: .
  specs:
    gocd-monitor (0.1.0)
      CFPropertyList (= 3.0.7)
      facter (= 4.10.0)
      faraday (= 2.12.2)
      net-http-persistent (= 4.0.5)
      nokogiri (= 1.18.5)

GEM
  remote: https://rubygems.org/
  specs:
    CFPropertyList (3.0.7)
      base64
      nkf
      rexml
    base64 (0.2.0)
    connection_pool (2.5.0)
    diff-lcs (1.6.0)
    facter (4.10.0)
      hocon (~> 1.3)
      thor (>= 1.0.1, < 1.3)
    faraday (2.12.2)
      faraday-net_http (>= 2.0, < 3.5)
      json
      logger
    faraday-net_http (3.4.0)
      net-http (>= 0.5.0)
    hocon (1.4.0)
    json (2.10.2)
    json (2.10.2-java)
    logger (1.6.6)
    mini_portile2 (2.8.8)
    net-http (0.6.0)
      uri
    net-http-persistent (4.0.5)
      connection_pool (~> 2.2)
    nkf (0.2.0)
    nkf (0.2.0-java)
    nokogiri (1.18.5)
      mini_portile2 (~> 2.8.2)
      racc (~> 1.4)
    nokogiri (1.18.5-java)
      racc (~> 1.4)
    racc (1.8.1)
    racc (1.8.1-java)
    rake (13.2.1)
    rexml (3.4.1)
    rspec (3.13.0)
      rspec-core (~> 3.13.0)
      rspec-expectations (~> 3.13.0)
      rspec-mocks (~> 3.13.0)
    rspec-core (3.13.3)
      rspec-support (~> 3.13.0)
    rspec-expectations (3.13.3)
      diff-lcs (>= 1.2.0, < 2.0)
      rspec-support (~> 3.13.0)
    rspec-mocks (3.13.2)
      diff-lcs (>= 1.2.0, < 2.0)
      rspec-support (~> 3.13.0)
    rspec-support (3.13.2)
    thor (1.2.2)
    uri (1.0.3)

PLATFORMS
  ruby
  universal-java-17

DEPENDENCIES
  gocd-monitor!
  rake (= 13.2.1)
  rspec (= 3.13.0)
